GEM
  remote: https://rubygems.org/
  specs:
    coderay (1.1.2)
    method_source (0.9.2)
    mini_portile2 (2.6.1)
    nokogiri (1.12.5)
      mini_portile2 (~> 2.6.1)
      racc (~> 1.4)
    pry (0.12.2)
      coderay (~> 1.1.0)
      method_source (~> 0.9.0)
    racc (1.5.2)
    rake (12.3.2)
    rb-readline (0.5.5)

PLATFORMS
  ruby

DEPENDENCIES
  nokogiri
  pry
  rake
  rb-readline

BUNDLED WITH
   1.16.6
