GEM
  remote: https://rubygems.org/
  specs:
    coderay (1.1.2)
    method_source (0.9.2)
    mini_portile2 (2.8.0)
    nokogiri (1.13.9)
      mini_portile2 (~> 2.8.0)
      racc (~> 1.4)
    pry (0.12.2)
      coderay (~> 1.1.0)
      method_source (~> 0.9.0)
    racc (1.6.0)
    rake (12.3.2)
    rb-readline (0.5.5)

PLATFORMS
  ruby

DEPENDENCIES
  nokogiri
  pry
  rake
  rb-readline

BUNDLED WITH
   1.16.6
